GEM
  remote: https://rubygems.org/
  specs:
    dry-cli (0.7.0)

PLATFORMS
  x86_64-darwin-20

DEPENDENCIES
  dry-cli (~> 0.7)

RUBY VERSION
   ruby 2.7.4p191

BUNDLED WITH
   2.2.27
